GIT
  remote: git://github.com/fguillen/StylePalette.git
  revision: 86bb7c9db2a75364392e387aceff692855760cd0
  specs:
    style_palette (0.0.5)

GIT
  remote: git@github.com:fguillen/LogBook.git
  revision: 36a9372cba8870cf2e74349b993db8ed09b5eb02
  ref: 36a9372
  specs:
    log_book (0.0.5)
      acts-as-taggable-on
      rails (~> 3.0)

GIT
  remote: git@github.com:fguillen/ruby_regex.git
  revision: 4ce85e39ddf9554607b902d28bc49741860e3880
  specs:
    ruby_regex (0.0.9)

GIT
  remote: https://github.com/mrfoto/will_paginate-bootstrap.git
  revision: bf997be6fc79ef790999dc4cccce29a296f2db0f
  specs:
    will_paginate-bootstrap (0.2.3)
      will_paginate (>= 3.0.3)

GEM
  remote: https://rubygems.org/
  specs:
    actionmailer (3.2.14)
      actionpack (= 3.2.14)
      mail (~> 2.5.4)
    actionpack (3.2.14)
      activemodel (= 3.2.14)
      activesupport (= 3.2.14)
      builder (~> 3.0.0)
      erubis (~> 2.7.0)
      journey (~> 1.0.4)
      rack (~> 1.4.5)
      rack-cache (~> 1.2)
      rack-test (~> 0.6.1)
      sprockets (~> 2.2.1)
    activemodel (3.2.14)
      activesupport (= 3.2.14)
      builder (~> 3.0.0)
    activerecord (3.2.14)
      activemodel (= 3.2.14)
      activesupport (= 3.2.14)
      arel (~> 3.0.2)
      tzinfo (~> 0.3.29)
    activeresource (3.2.14)
      activemodel (= 3.2.14)
      activesupport (= 3.2.14)
    activesupport (3.2.14)
      i18n (~> 0.6, >= 0.6.4)
      multi_json (~> 1.0)
    acts-as-taggable-on (3.0.1)
      rails (>= 3, < 5)
    arel (3.0.3)
    authlogic (3.3.0)
      activerecord (>= 3.2)
      activesupport (>= 3.2)
    aws-sdk (1.31.3)
      json (~> 1.4)
      nokogiri (>= 1.4.4)
      uuidtools (~> 2.1)
    bluecloth (2.2.0)
    builder (3.0.4)
    capistrano (3.0.1)
      i18n
      rake (>= 10.0.0)
      sshkit (>= 0.0.23)
    capybara (2.1.0)
      mime-types (>= 1.16)
      nokogiri (>= 1.3.3)
      rack (>= 1.0.0)
      rack-test (>= 0.5.4)
      xpath (~> 2.0)
    childprocess (0.3.9)
      ffi (~> 1.0, >= 1.0.11)
    chronic (0.10.2)
    climate_control (0.0.3)
      activesupport (>= 3.0)
    cocaine (0.5.3)
      climate_control (>= 0.0.3, < 1.0)
    database_cleaner (1.2.0)
    delorean (2.1.0)
      chronic
    docile (1.1.1)
    erubis (2.7.0)
    exception_notification (3.0.1)
      actionmailer (>= 3.0.4)
    factory_girl (4.3.0)
      activesupport (>= 3.0.0)
    faker (1.2.0)
      i18n (~> 0.5)
    ffi (1.9.3)
    hike (1.2.3)
    i18n (0.6.9)
    journey (1.0.4)
    json (1.8.1)
    lograge (0.2.2)
      actionpack (>= 3)
      activesupport (>= 3)
      railties (>= 3)
    mail (2.5.4)
      mime-types (~> 1.16)
      treetop (~> 1.4.8)
    metaclass (0.0.1)
    mime-types (1.25.1)
    mini_portile (0.5.2)
    mocha (0.14.0)
      metaclass (~> 0.0.1)
    multi_json (1.8.2)
    mysql2 (0.3.14)
    net-scp (1.1.2)
      net-ssh (>= 2.6.5)
    net-ssh (2.7.0)
    nifty-generators (0.4.6)
    nokogiri (1.6.1)
      mini_portile (~> 0.5.0)
    paperclip (3.5.2)
      activemodel (>= 3.0.0)
      activesupport (>= 3.0.0)
      cocaine (~> 0.5.3)
      mime-types
    polyglot (0.3.3)
    rack (1.4.5)
    rack-cache (1.2)
      rack (>= 0.4)
    rack-ssl (1.3.3)
      rack
    rack-test (0.6.2)
      rack (>= 1.0)
    rails (3.2.14)
      actionmailer (= 3.2.14)
      actionpack (= 3.2.14)
      activerecord (= 3.2.14)
      activeresource (= 3.2.14)
      activesupport (= 3.2.14)
      bundler (~> 1.0)
      railties (= 3.2.14)
    railties (3.2.14)
      actionpack (= 3.2.14)
      activesupport (= 3.2.14)
      rack-ssl (~> 1.3.2)
      rake (>= 0.8.7)
      rdoc (~> 3.4)
      thor (>= 0.14.6, < 2.0)
    rake (10.1.1)
    rdoc (3.12.2)
      json (~> 1.4)
    rubyzip (0.9.9)
    rvm-capistrano (1.3.0.rc1)
      capistrano (>= 2.0.0)
    selenium-webdriver (2.35.1)
      childprocess (>= 0.2.5)
      multi_json (~> 1.0)
      rubyzip (< 1.0.0)
      websocket (~> 1.0.4)
    simplecov (0.8.2)
      docile (~> 1.1.0)
      multi_json
      simplecov-html (~> 0.8.0)
    simplecov-html (0.8.0)
    sprockets (2.2.2)
      hike (~> 1.2)
      multi_json (~> 1.0)
      rack (~> 1.0)
      tilt (~> 1.1, != 1.3.0)
    sqlite3 (1.3.8)
    sshkit (1.3.0)
      net-scp (>= 1.1.2)
      net-ssh
      term-ansicolor
    strip_attributes (1.4.4)
      activemodel (>= 3.0, < 5.0)
    term-ansicolor (1.2.2)
      tins (~> 0.8)
    thor (0.18.1)
    tilt (1.4.1)
    tins (0.13.1)
    treetop (1.4.15)
      polyglot
      polyglot (>= 0.3.1)
    tzinfo (0.3.38)
    uuidtools (2.1.4)
    websocket (1.0.7)
    will_paginate (3.0.5)
    xpath (2.0.0)
      nokogiri (~> 1.3)

PLATFORMS
  ruby

DEPENDENCIES
  acts-as-taggable-on
  authlogic
  aws-sdk
  bluecloth
  capistrano
  capybara (= 2.1.0)
  database_cleaner
  delorean
  exception_notification (= 3.0.1)
  factory_girl
  faker
  json
  log_book!
  lograge
  mocha
  mysql2
  nifty-generators
  paperclip
  rails (= 3.2.14)
  ruby_regex!
  rvm-capistrano (= 1.3.0.rc1)
  selenium-webdriver (= 2.35.1)
  simplecov
  sqlite3
  strip_attributes
  style_palette!
  will_paginate
  will_paginate-bootstrap!
